GEM
  remote: https://rubygems.org/
  specs:
    coderay (1.1.3)
    connection_pool (2.2.5)
    diff-lcs (1.5.0)
    dotenv (2.7.6)
    method_source (1.0.0)
    pry (0.14.1)
      coderay (~> 1.1)
      method_source (~> 1.0)
    rack (2.2.3)
    rake (13.0.6)
    redis (4.6.0)
    rollbar (3.3.0)
    rspec (3.11.0)
      rspec-core (~> 3.11.0)
      rspec-expectations (~> 3.11.0)
      rspec-mocks (~> 3.11.0)
    rspec-core (3.11.0)
      rspec-support (~> 3.11.0)
    rspec-expectations (3.11.0)
      diff-lcs (>= 1.2.0, < 2.0)
      rspec-support (~> 3.11.0)
    rspec-mocks (3.11.1)
      diff-lcs (>= 1.2.0, < 2.0)
      rspec-support (~> 3.11.0)
    rspec-support (3.11.0)
    sidekiq (6.4.2)
      connection_pool (>= 2.2.2)
      rack (~> 2.0)
      redis (>= 4.2.0)

PLATFORMS
  ruby

DEPENDENCIES
  connection_pool (~> 2.2)
  dotenv (~> 2.7)
  pry
  rake (~> 13.0)
  redis (~> 4.6)
  rollbar (~> 3.3)
  rspec (~> 3.11)
  sidekiq (~> 6.4)

BUNDLED WITH
   2.3.14
